RESTRICTION: == net452
NUGET
  remote: https://www.nuget.org/api/v2
    Topshelf (4.1)

GROUP Netstandard
RESTRICTION: == netstandard2.0
NUGET
  remote: https://www.nuget.org/api/v2
    FSharp.Core (4.5.4)
    Microsoft.NETCore.Platforms (2.2)
    Microsoft.Win32.Registry (4.5)
      System.Buffers (>= 4.4)
      System.Memory (>= 4.5)
      System.Security.AccessControl (>= 4.5)
      System.Security.Principal.Windows (>= 4.5)
    Microsoft.Win32.Registry.AccessControl (4.5)
      Microsoft.Win32.Registry (>= 4.5)
      System.Security.AccessControl (>= 4.5)
    Microsoft.Win32.SystemEvents (4.5)
    Microsoft.Windows.Compatibility (2.0.1)
      Microsoft.Win32.Registry (>= 4.5)
      Microsoft.Win32.Registry.AccessControl (>= 4.5)
      Microsoft.Win32.SystemEvents (>= 4.5)
      System.CodeDom (>= 4.5)
      System.ComponentModel.Composition (>= 4.5)
      System.Configuration.ConfigurationManager (>= 4.5)
      System.Data.DataSetExtensions (>= 4.5)
      System.Data.Odbc (>= 4.5)
      System.Data.SqlClient (>= 4.5)
      System.Diagnostics.EventLog (>= 4.5)
      System.Diagnostics.PerformanceCounter (>= 4.5)
      System.DirectoryServices (>= 4.5)
      System.DirectoryServices.AccountManagement (>= 4.5)
      System.DirectoryServices.Protocols (>= 4.5)
      System.Drawing.Common (>= 4.5)
      System.IO.FileSystem.AccessControl (>= 4.5)
      System.IO.Packaging (>= 4.5)
      System.IO.Pipes.AccessControl (>= 4.5)
      System.IO.Ports (>= 4.5)
      System.Management (>= 4.5)
      System.Runtime.Caching (>= 4.5)
      System.Security.AccessControl (>= 4.5)
      System.Security.Cryptography.Cng (>= 4.5)
      System.Security.Cryptography.Pkcs (>= 4.5)
      System.Security.Cryptography.ProtectedData (>= 4.5)
      System.Security.Cryptography.Xml (>= 4.5)
      System.Security.Permissions (>= 4.5)
      System.Security.Principal.Windows (>= 4.5)
      System.ServiceModel.Duplex (>= 4.4.1)
      System.ServiceModel.Http (>= 4.4.1)
      System.ServiceModel.NetTcp (>= 4.4.1)
      System.ServiceModel.Primitives (>= 4.4.1)
      System.ServiceModel.Security (>= 4.4.1)
      System.ServiceModel.Syndication (>= 4.5)
      System.ServiceProcess.ServiceController (>= 4.5)
      System.Text.Encoding.CodePages (>= 4.5)
      System.Threading.AccessControl (>= 4.5)
    runtime.native.System.Data.SqlClient.sni (4.5)
      runtime.win-arm64.runtime.native.System.Data.SqlClient.sni (>= 4.4)
      runtime.win-x64.runtime.native.System.Data.SqlClient.sni (>= 4.4)
      runtime.win-x86.runtime.native.System.Data.SqlClient.sni (>= 4.4)
    runtime.win-arm64.runtime.native.System.Data.SqlClient.sni (4.4)
    runtime.win-x64.runtime.native.System.Data.SqlClient.sni (4.4)
    runtime.win-x86.runtime.native.System.Data.SqlClient.sni (4.4)
    System.Buffers (4.5)
    System.CodeDom (4.5)
    System.ComponentModel.Composition (4.5)
    System.Configuration.ConfigurationManager (4.5)
      System.Security.Cryptography.ProtectedData (>= 4.5)
      System.Security.Permissions (>= 4.5)
    System.Data.DataSetExtensions (4.5)
    System.Data.Odbc (4.5)
    System.Data.SqlClient (4.6)
      Microsoft.Win32.Registry (>= 4.5)
      runtime.native.System.Data.SqlClient.sni (>= 4.5)
      System.Buffers (>= 4.4)
      System.Diagnostics.DiagnosticSource (>= 4.5)
      System.Memory (>= 4.5.1)
      System.Security.Principal.Windows (>= 4.5)
      System.Text.Encoding.CodePages (>= 4.5)
    System.Diagnostics.DiagnosticSource (4.5.1)
    System.Diagnostics.EventLog (4.5)
      System.Security.Permissions (>= 4.5)
    System.Diagnostics.PerformanceCounter (4.5)
    System.DirectoryServices (4.5)
      System.IO.FileSystem.AccessControl (>= 4.5)
      System.Security.AccessControl (>= 4.5)
      System.Security.Principal.Windows (>= 4.5)
    System.DirectoryServices.AccountManagement (4.5)
      System.Security.Principal.Windows (>= 4.5)
    System.DirectoryServices.Protocols (4.5)
      System.Security.Principal.Windows (>= 4.5)
    System.Drawing.Common (4.5.1)
    System.IO.FileSystem.AccessControl (4.5)
      System.Security.AccessControl (>= 4.5)
      System.Security.Principal.Windows (>= 4.5)
    System.IO.Packaging (4.5)
    System.IO.Pipes.AccessControl (4.5.1)
      System.Security.AccessControl (>= 4.5)
      System.Security.Principal.Windows (>= 4.5)
    System.IO.Ports (4.5)
      Microsoft.Win32.Registry (>= 4.5)
    System.Management (4.5)
      System.CodeDom (>= 4.5)
    System.Memory (4.5.1)
      System.Buffers (>= 4.4)
      System.Numerics.Vectors (>= 4.4)
      System.Runtime.CompilerServices.Unsafe (>= 4.5)
    System.Numerics.Vectors (4.5)
    System.Private.ServiceModel (4.5.3)
      Microsoft.NETCore.Platforms (>= 2.1)
      System.Reflection.DispatchProxy (>= 4.5)
      System.Security.Principal.Windows (>= 4.5)
    System.Reflection.DispatchProxy (4.5.1)
    System.Runtime.Caching (4.5)
    System.Runtime.CompilerServices.Unsafe (4.5.2)
    System.Security.AccessControl (4.5)
      System.Security.Principal.Windows (>= 4.5)
    System.Security.Cryptography.Cng (4.5)
    System.Security.Cryptography.Pkcs (4.5.1)
      System.Buffers (>= 4.4)
      System.Memory (>= 4.5.1)
      System.Security.Cryptography.Cng (>= 4.4)
    System.Security.Cryptography.ProtectedData (4.5)
      System.Memory (>= 4.5)
    System.Security.Cryptography.Xml (4.5)
      System.Security.Cryptography.Pkcs (>= 4.5)
      System.Security.Permissions (>= 4.5)
    System.Security.Permissions (4.5)
      System.Security.AccessControl (>= 4.5)
    System.Security.Principal.Windows (4.5.1)
    System.ServiceModel.Duplex (4.5.3)
      System.Private.ServiceModel (>= 4.5.3)
      System.ServiceModel.Primitives (>= 4.5.3)
    System.ServiceModel.Http (4.5.3)
      System.Private.ServiceModel (>= 4.5.3)
      System.ServiceModel.Primitives (>= 4.5.3)
    System.ServiceModel.NetTcp (4.5.3)
      System.Private.ServiceModel (>= 4.5.3)
      System.ServiceModel.Primitives (>= 4.5.3)
    System.ServiceModel.Primitives (4.5.3)
      System.Private.ServiceModel (>= 4.5.3)
    System.ServiceModel.Security (4.5.3)
      System.Private.ServiceModel (>= 4.5.3)
      System.ServiceModel.Primitives (>= 4.5.3)
    System.ServiceModel.Syndication (4.5)
    System.ServiceProcess.ServiceController (4.5)
      System.Diagnostics.EventLog (>= 4.5)
    System.Text.Encoding.CodePages (4.5)
      System.Runtime.CompilerServices.Unsafe (>= 4.5)
    System.Threading.AccessControl (4.5)
      System.Security.AccessControl (>= 4.5)
      System.Security.Principal.Windows (>= 4.5)
    Topshelf (4.1)
      Microsoft.Windows.Compatibility (>= 2.0.1)
      TopShelf.ServiceInstaller (>= 4.1)
    TopShelf.ServiceInstaller (4.1)
      Microsoft.Windows.Compatibility (>= 2.0.1)
